GEM
  remote: https://rubygems.org/
  specs:
    actionmailer (4.2.4)
      actionpack (= 4.2.4)
      actionview (= 4.2.4)
      activejob (= 4.2.4)
      mail (~> 2.5, >= 2.5.4)
      rails-dom-testing (~> 1.0, >= 1.0.5)
    actionpack (4.2.4)
      actionview (= 4.2.4)
      activesupport (= 4.2.4)
      rack (~> 1.6)
      rack-test (~> 0.6.2)
      rails-dom-testing (~> 1.0, >= 1.0.5)
      rails-html-sanitizer (~> 1.0, >= 1.0.2)
    actionview (4.2.4)
      activesupport (= 4.2.4)
      builder (~> 3.1)
      erubis (~> 2.7.0)
      rails-dom-testing (~> 1.0, >= 1.0.5)
      rails-html-sanitizer (~> 1.0, >= 1.0.2)
    activejob (4.2.4)
      activesupport (= 4.2.4)
      globalid (>= 0.3.0)
    activemodel (4.2.4)
      activesupport (= 4.2.4)
      builder (~> 3.1)
    activerecord (4.2.4)
      activemodel (= 4.2.4)
      activesupport (= 4.2.4)
      arel (~> 6.0)
    activesupport (4.2.4)
      i18n (~> 0.7)
      json (~> 1.7, >= 1.7.7)
      minitest (~> 5.1)
      thread_safe (~> 0.3, >= 0.3.4)
      tzinfo (~> 1.1)
    addressable (2.3.8)
    akami (1.3.1)
      gyoku (>= 0.4.0)
      nokogiri
    area (0.10.0)
      fastercsv (~> 1.5)
    arel (6.0.3)
    bcrypt (3.1.10)
    binding_of_caller (0.7.2)
      debug_inspector (>= 0.0.1)
    bing_translator (4.5.0)
      json (~> 1.8.0)
      nokogiri (~> 1.6.0)
      savon (~> 2.0)
    bot-away (2.0.1)
      actionpack (>= 2.3.5)
    browser (1.0.1)
    buftok (0.2.0)
    builder (3.2.2)
    byebug (6.0.2)
    carrierwave (0.10.0)
      activemodel (>= 3.2.0)
      activesupport (>= 3.2.0)
      json (>= 1.7)
      mime-types (>= 1.16)
    coffee-rails (4.1.0)
      coffee-script (>= 2.2.0)
      railties (>= 4.0.0, < 5.0)
    coffee-script (2.4.1)
      coffee-script-source
      execjs
    coffee-script-source (1.9.1.1)
    debug_inspector (0.0.2)
    easy_translate (0.5.0)
      json
      thread
      thread_safe
    equalizer (0.0.11)
    erubis (2.7.0)
    execjs (2.6.0)
    faraday (0.9.1)
      multipart-post (>= 1.2, < 3)
    faraday_middleware (0.9.2)
      faraday (>= 0.7.4, < 0.10)
    fastercsv (1.5.5)
    font-awesome-sass (4.4.0)
      sass (>= 3.2)
    gaffe (1.0.2)
      rails (>= 3.2.0)
    geo-distance (0.2.0)
      geo_point (~> 0.2.5)
      geo_units (~> 0.2.4.1)
    geo_calc (0.7.6)
      activesupport (>= 3.0.1)
      geo_units (~> 0.2.1)
      i18n
      require_all (~> 1.2.0)
      sugar-high (~> 0.4.6.3)
    geo_point (0.2.5)
      geo_calc (~> 0.7.5)
      geo_units (~> 0.2.1)
    geo_units (0.2.4.1)
      sugar-high (~> 0.4.6.2)
    geocoder (1.2.9)
    geoip (1.6.1)
    globalid (0.3.6)
      activesupport (>= 4.1.0)
    google-translate (1.1.2)
      json_pure (~> 1.8)
      resource_accessor (~> 1.2)
      thor (~> 0.19)
    gpgme (2.0.10)
      mini_portile (>= 0.5.0)
    gyoku (1.3.1)
      builder (>= 2.1.2)
    haml (4.0.7)
      tilt
    http (0.6.4)
      http_parser.rb (~> 0.6.0)
    http_parser.rb (0.6.0)
    httpclient (2.6.0.1)
    httpi (2.4.1)
      rack
    i18n (0.7.0)
    jbuilder (2.3.1)
      activesupport (>= 3.0.0, < 5)
      multi_json (~> 1.2)
    jquery-rails (4.0.4)
      rails-dom-testing (~> 1.0)
      railties (>= 4.2.0)
      thor (>= 0.14, < 2.0)
    json (1.8.3)
    json_pure (1.8.2)
    koala (2.2.0)
      addressable
      faraday
      multi_json
    loofah (2.0.3)
      nokogiri (>= 1.5.9)
    mail (2.6.3)
      mime-types (>= 1.16, < 3)
    memoizable (0.4.2)
      thread_safe (~> 0.3, >= 0.3.1)
    mime-types (2.6.1)
    mini_portile (0.6.2)
    minitest (5.8.0)
    multi_json (1.11.2)
    multipart-post (2.0.0)
    naught (1.0.0)
    nokogiri (1.6.6.2)
      mini_portile (~> 0.6.0)
    nori (2.6.0)
    oauth (0.4.7)
    passphrase (1.2.1)
      sqlite3 (~> 1.0)
    phonetic_alphabet (0.1.0)
    rack (1.6.4)
    rack-test (0.6.3)
      rack (>= 1.0)
    rails (4.2.4)
      actionmailer (= 4.2.4)
      actionpack (= 4.2.4)
      actionview (= 4.2.4)
      activejob (= 4.2.4)
      activemodel (= 4.2.4)
      activerecord (= 4.2.4)
      activesupport (= 4.2.4)
      bundler (>= 1.3.0, < 2.0)
      railties (= 4.2.4)
      sprockets-rails
    rails-deprecated_sanitizer (1.0.3)
      activesupport (>= 4.2.0.alpha)
    rails-dom-testing (1.0.7)
      activesupport (>= 4.2.0.beta, < 5.0)
      nokogiri (~> 1.6.0)
      rails-deprecated_sanitizer (>= 1.0.1)
    rails-html-sanitizer (1.0.2)
      loofah (~> 2.0)
    railties (4.2.4)
      actionpack (= 4.2.4)
      activesupport (= 4.2.4)
      rake (>= 0.8.7)
      thor (>= 0.18.1, < 2.0)
    rake (10.4.2)
    rdoc (4.2.0)
      json (~> 1.4)
    remotipart (1.2.1)
    require_all (1.2.1)
    resource_accessor (1.2.4)
    rmagick (2.15.4)
    sass (3.4.18)
    sass-rails (5.0.3)
      railties (>= 4.0.0, < 5.0)
      sass (~> 3.1)
      sprockets (>= 2.8, < 4.0)
      sprockets-rails (>= 2.0, < 4.0)
      tilt (~> 1.1)
    savon (2.11.1)
      akami (~> 1.2)
      builder (>= 2.1.2)
      gyoku (~> 1.2)
      httpi (~> 2.3)
      nokogiri (>= 1.4.0)
      nori (~> 2.4)
      wasabi (~> 3.4)
    sdoc (0.4.1)
      json (~> 1.7, >= 1.7.7)
      rdoc (~> 4.0)
    simple_oauth (0.3.1)
    spring (1.3.6)
    sprockets (3.3.3)
      rack (~> 1.0)
    sprockets-rails (2.3.2)
      actionpack (>= 3.0)
      activesupport (>= 3.0)
      sprockets (>= 2.8, < 4.0)
    sqlite3 (1.3.10)
    sugar-high (0.4.6.4)
    thor (0.19.1)
    thread (0.2.2)
    thread_safe (0.3.5)
    tilt (1.4.1)
    tumblr_client (0.8.5)
      faraday (~> 0.9.0)
      faraday_middleware (~> 0.9.0)
      json
      mime-types
      oauth
      simple_oauth
    turbolinks (2.5.3)
      coffee-rails
    twitter (5.14.0)
      addressable (~> 2.3)
      buftok (~> 0.2.0)
      equalizer (~> 0.0.9)
      faraday (~> 0.9.0)
      http (~> 0.6.0)
      http_parser.rb (~> 0.6.0)
      json (~> 1.8)
      memoizable (~> 0.4.0)
      naught (~> 1.0)
      simple_oauth (~> 0.3.0)
    tzinfo (1.2.2)
      thread_safe (~> 0.1)
    uglifier (2.7.2)
      execjs (>= 0.3.0)
      json (>= 1.8.0)
    useragent (0.15.2)
    voight_kampff (0.2.2)
      httpclient (~> 2.2)
      nokogiri (~> 1.6)
    wasabi (3.5.0)
      httpi (~> 2.0)
      nokogiri (>= 1.4.2)
    web-console (2.2.1)
      activemodel (>= 4.0)
      binding_of_caller (>= 0.7.2)
      railties (>= 4.0)
      sprockets-rails (>= 2.0, < 4.0)
    whatlanguage (1.0.5)

PLATFORMS
  ruby

DEPENDENCIES
  area
  bcrypt
  bing_translator
  bot-away
  browser
  byebug
  carrierwave
  coffee-rails
  easy_translate
  font-awesome-sass
  gaffe
  geo-distance
  geo_units
  geocoder
  geoip
  google-translate
  gpgme
  haml
  jbuilder (~> 2.0)
  jquery-rails
  koala
  passphrase
  phonetic_alphabet
  rails
  remotipart
  rmagick
  sass-rails
  sdoc (~> 0.4.0)
  spring
  sqlite3
  tumblr_client
  turbolinks
  twitter
  uglifier
  useragent
  voight_kampff
  web-console (~> 2.0)
  whatlanguage
